GEM
  remote: http://rubygems.org/
  specs:
    fast_xs (0.7.3)
    zip (2.0.2)

PLATFORMS
  ruby

DEPENDENCIES
  fast_xs
  zip
